PATH
  remote: ../../clients/algoliasearch-client-ruby
  specs:
    algolia (3.0.0.beta.8)
      base64 (>= 0.2.0, < 1)
      faraday (>= 1.0.1, < 3.0)
      faraday-net_http_persistent (>= 0.15, < 3)
      net-http-persistent

GEM
  remote: https://rubygems.org/
  specs:
    base64 (0.2.0)
    connection_pool (2.4.1)
    dotenv (3.1.2)
    faraday (2.9.0)
      faraday-net_http (>= 2.0, < 3.2)
    faraday-net_http (3.1.0)
      net-http
    faraday-net_http_persistent (2.1.0)
      faraday (~> 2.5)
      net-http-persistent (~> 4.0)
    net-http (0.4.1)
      uri
    net-http-persistent (4.0.2)
      connection_pool (~> 2.2)
    uri (0.13.0)

PLATFORMS
  aarch64-linux

DEPENDENCIES
  algolia!
  dotenv

BUNDLED WITH
   2.4.10
