PATH
  remote: ../../clients/algoliasearch-client-ruby
  specs:
    algolia (3.0.0.aplpah.0)
      faraday (>= 1.0.1, < 3.0)
      faraday-multipart

GEM
  remote: https://rubygems.org/
  specs:
    base64 (0.2.0)
    faraday (2.7.12)
      base64
      faraday-net_http (>= 2.0, < 3.1)
      ruby2_keywords (>= 0.0.4)
    faraday-multipart (1.0.4)
      multipart-post (~> 2)
    faraday-net_http (3.0.2)
    multipart-post (2.3.0)
    ruby2_keywords (0.0.5)

PLATFORMS
  aarch64-linux

DEPENDENCIES
  algolia!

BUNDLED WITH
   2.4.22
